GEM
  remote: https://rubygems.org/
  specs:
    batch (0.0.3)
    rake (0.9.2.2)
    redcarpet (3.3.2)

PLATFORMS
  ruby

DEPENDENCIES
  batch
  rake
  redcarpet

BUNDLED WITH
   1.10.5
